GEM
  remote: https://rubygems.org/
  specs:
    fast_gettext (1.0.0)
    gettext (3.2.1)
      locale (>= 2.0.5)
      text (>= 1.3.0)
    locale (2.1.2)
    rake (10.4.2)
    text (1.3.1)

PLATFORMS
  ruby

DEPENDENCIES
  fast_gettext
  gettext (>= 3.0.2)
  rake
